GEM
  remote: https://rubygems.org/
  specs:
    daemons (1.1.9)
    dotenv (0.8.0)
    eventmachine (1.0.3)
    json (1.8.0)
    pg (0.16.0)
    rack (1.5.2)
    rack-protection (1.5.0)
      rack
    sequel (4.1.1)
    sequel_pg (1.6.8)
      pg (>= 0.8.0)
      sequel (>= 3.39.0)
    sinatra (1.4.3)
      rack (~> 1.4)
      rack-protection (~> 1.4)
      tilt (~> 1.3, >= 1.3.4)
    thin (1.5.1)
      daemons (>= 1.0.9)
      eventmachine (>= 0.12.6)
      rack (>= 1.0.0)
    tilt (1.4.1)

PLATFORMS
  ruby

DEPENDENCIES
  dotenv (~> 0.8.0)
  json (~> 1.8.0)
  pg (~> 0.16.0)
  sequel (~> 4.1.1)
  sequel_pg (~> 1.6.8)
  sinatra (~> 1.4.3)
  thin (~> 1.5.1)
